GIT
  remote: https://github.com/espresse/spaced_repetition.git
  revision: 361ff865cd07ee29a0b74a3906632bde60092306
  specs:
    spaced_repetition (1.1.1)
      bundler (~> 1.0)

GEM
  remote: https://rubygems.org/
  specs:
    colorize (0.8.1)
    sqlite3 (1.3.11)
    word_wrap (1.0.0)

PLATFORMS
  ruby

DEPENDENCIES
  colorize
  spaced_repetition!
  sqlite3
  word_wrap

BUNDLED WITH
   1.13.3
